GEM
  remote: https://rubygems.org/
  specs:
    builder (3.2.3)
    erubis (2.7.0)
    ffi (1.11.1)
    foreman (0.85.0)
      thor (~> 0.19.1)
    haml (5.1.2)
      temple (>= 0.8.0)
      tilt
    hpricot (0.8.6)
    json (2.2.0)
    mustermann (1.0.3)
    nio4r (2.5.1)
    puma (4.1.1)
      nio4r (~> 2.0)
    rack (2.0.8)
    rack-protection (2.0.7)
      rack
    rack-test (1.1.0)
      rack (>= 1.0, < 3)
    rb-fsevent (0.10.3)
    rb-inotify (0.10.0)
      ffi (~> 1.0)
    ruby_parser (3.13.1)
      sexp_processor (~> 4.9)
    sass (3.7.4)
      sass-listen (~> 4.0.0)
    sass-listen (4.0.0)
      rb-fsevent (~> 0.9, >= 0.9.4)
      rb-inotify (~> 0.9, >= 0.9.7)
    sexp_processor (4.12.1)
    sinatra (2.0.7)
      mustermann (~> 1.0)
      rack (~> 2.0)
      rack-protection (= 2.0.7)
      tilt (~> 2.0)
    sinatra-redirect-with-flash (0.2.1)
      sinatra (>= 1.0.0)
    temple (0.8.2)
    thor (0.19.4)
    tilt (2.0.9)

PLATFORMS
  ruby

DEPENDENCIES
  builder
  erubis
  foreman
  haml
  hpricot
  json
  puma
  rack-test
  ruby_parser
  sass
  sinatra
  sinatra-redirect-with-flash

RUBY VERSION
   ruby 2.4.1p111

BUNDLED WITH
   2.0.2
